GIT
  remote: git@github.com:jdfdesign/gko_cms3.git
  revision: ecb00af9af91491ff42217acf3f6fcda0bd0eb82
  specs:
    gko_auth (0.3.18)
      cancan (= 1.6.8)
      devise (= 2.1.2)
    gko_core (0.3.18)
      RedCloth (= 4.2.9)
      activesupport-slices (= 0.0.2)
      acts_as_indexed (~> 0.7.7)
      capistrano
      coffee-rails (~> 3.2.2)
      crummy (>= 1.0.1)
      dragonfly (~> 0.9.12)
      exception_notification
      faker (= 1.0.0)
      gem-patching (= 0.0.3)
      globalize3 (= 0.2.0)
      has_scope (~> 0.5.1)
      highline (= 1.6.8)
      inherited_resources (= 1.3.1)
      jquery-rails (>= 1.0.17)
      json
      mysql2 (= 0.3.11)
      nested_set (= 1.7.0)
      rack-cache (>= 0.5.3)
      rack-mount (~> 0.8.3)
      rails (= 3.2.6)
      rake (~> 0.9.2.2)
      routing-filter (= 0.3.1)
      rubyzip (= 0.9.6.1)
      sass-rails (~> 3.2.5)
      silence_log_tailer (= 0.0.1)
      simple_form (= 2.0.2)
      truncate_html (~> 0.5)
      uglifier (>= 1.0.3)
      uuid (= 2.3.5)
      will_paginate (~> 3.0.2)
    gko_documents (0.3.18)
      dragonfly (~> 0.9.8)
      rack-cache (>= 0.5.3)
    gko_features (0.3.18)
    gko_images (0.3.18)
    gko_inquiries (0.3.18)
      filters_spam (~> 0.2)
      launchy
    gko_themes (0.3.18)
      less-rails-bootstrap
      rubyzip (= 0.9.6.1)

GEM
  remote: http://rubygems.org/
  specs:
    RedCloth (4.2.9)
    actionmailer (3.2.6)
      actionpack (= 3.2.6)
      mail (~> 2.4.4)
    actionpack (3.2.6)
      activemodel (= 3.2.6)
      activesupport (= 3.2.6)
      builder (~> 3.0.0)
      erubis (~> 2.7.0)
      journey (~> 1.0.1)
      rack (~> 1.4.0)
      rack-cache (~> 1.2)
      rack-test (~> 0.6.1)
      sprockets (~> 2.1.3)
    activemodel (3.2.6)
      activesupport (= 3.2.6)
      builder (~> 3.0.0)
    activerecord (3.2.6)
      activemodel (= 3.2.6)
      activesupport (= 3.2.6)
      arel (~> 3.0.2)
      tzinfo (~> 0.3.29)
    activeresource (3.2.6)
      activemodel (= 3.2.6)
      activesupport (= 3.2.6)
    activesupport (3.2.6)
      i18n (~> 0.6)
      multi_json (~> 1.0)
    activesupport-slices (0.0.2)
    acts_as_indexed (0.7.8)
    addressable (2.2.8)
    arel (3.0.2)
    bcrypt-ruby (3.0.1)
    builder (3.0.0)
    cancan (1.6.8)
    capistrano (2.12.0)
      highline
      net-scp (>= 1.0.0)
      net-sftp (>= 2.0.0)
      net-ssh (>= 2.0.14)
      net-ssh-gateway (>= 1.1.0)
    coffee-rails (3.2.2)
      coffee-script (>= 2.2.0)
      railties (~> 3.2.0)
    coffee-script (2.2.0)
      coffee-script-source
      execjs
    coffee-script-source (1.3.3)
    commonjs (0.2.6)
    crummy (1.6.0)
    devise (2.1.2)
      bcrypt-ruby (~> 3.0)
      orm_adapter (~> 0.1)
      railties (~> 3.1)
      warden (~> 1.2.1)
    dragonfly (0.9.12)
      rack
    erubis (2.7.0)
    exception_notification (2.6.1)
      actionmailer (>= 3.0.4)
    execjs (1.4.0)
      multi_json (~> 1.0)
    faker (1.0.0)
      i18n (~> 0.4)
    filters_spam (0.3)
    gem-patching (0.0.3)
    globalize3 (0.2.0)
      activemodel (>= 3.0.0)
      activerecord (>= 3.0.0)
      paper_trail (~> 2)
    has_scope (0.5.1)
    highline (1.6.8)
    hike (1.2.1)
    i18n (0.6.0)
    iconv (0.1)
    inherited_resources (1.3.1)
      has_scope (~> 0.5.0)
      responders (~> 0.6)
    journey (1.0.4)
    jquery-rails (2.0.2)
      railties (>= 3.2.0, < 5.0)
      thor (~> 0.14)
    json (1.7.3)
    launchy (2.1.0)
      addressable (~> 2.2.6)
    less (2.2.1)
      commonjs (~> 0.2.6)
    less-rails (2.2.3)
      actionpack (>= 3.1)
      less (~> 2.2.0)
    less-rails-bootstrap (2.0.13)
      less-rails (~> 2.2.0)
    macaddr (1.6.1)
      systemu (~> 2.5.0)
    mail (2.4.4)
      i18n (>= 0.4.0)
      mime-types (~> 1.16)
      treetop (~> 1.4.8)
    mime-types (1.19)
    multi_json (1.3.6)
    mysql2 (0.3.11)
    nested_set (1.7.0)
      activerecord (>= 3.0.0)
      railties (>= 3.0.0)
    net-scp (1.0.4)
      net-ssh (>= 1.99.1)
    net-sftp (2.0.5)
      net-ssh (>= 2.0.9)
    net-ssh (2.5.2)
    net-ssh-gateway (1.1.0)
      net-ssh (>= 1.99.1)
    orm_adapter (0.3.0)
    paper_trail (2.6.3)
      activerecord (~> 3.0)
      railties (~> 3.0)
    polyglot (0.3.3)
    rack (1.4.1)
    rack-cache (1.2)
      rack (>= 0.4)
    rack-mount (0.8.3)
      rack (>= 1.0.0)
    rack-ssl (1.3.2)
      rack
    rack-test (0.6.1)
      rack (>= 1.0)
    rails (3.2.6)
      actionmailer (= 3.2.6)
      actionpack (= 3.2.6)
      activerecord (= 3.2.6)
      activeresource (= 3.2.6)
      activesupport (= 3.2.6)
      bundler (~> 1.0)
      railties (= 3.2.6)
    railties (3.2.6)
      actionpack (= 3.2.6)
      activesupport (= 3.2.6)
      rack-ssl (~> 1.3.2)
      rake (>= 0.8.7)
      rdoc (~> 3.4)
      thor (>= 0.14.6, < 2.0)
    rake (0.9.2.2)
    rdoc (3.12)
      json (~> 1.4)
    responders (0.9.1)
      railties (~> 3.1)
    routing-filter (0.3.1)
      actionpack
    rubyzip (0.9.6.1)
    sass (3.1.20)
    sass-rails (3.2.5)
      railties (~> 3.2.0)
      sass (>= 3.1.10)
      tilt (~> 1.3)
    silence_log_tailer (0.0.1)
    simple_form (2.0.2)
      actionpack (~> 3.0)
      activemodel (~> 3.0)
    sprockets (2.1.3)
      hike (~> 1.2)
      rack (~> 1.0)
      tilt (~> 1.1, != 1.3.0)
    systemu (2.5.1)
    thor (0.15.4)
    tilt (1.3.3)
    treetop (1.4.10)
      polyglot
      polyglot (>= 0.3.1)
    truncate_html (0.5.5)
    tzinfo (0.3.33)
    uglifier (1.2.6)
      execjs (>= 0.3.0)
      multi_json (~> 1.3)
    uuid (2.3.5)
      macaddr (~> 1.0)
    warden (1.2.1)
      rack (>= 1.0)
    will_paginate (3.0.3)

PLATFORMS
  ruby

DEPENDENCIES
  coffee-rails (~> 3.2.2)
  gko_auth (= 0.3.18)!
  gko_core (= 0.3.18)!
  gko_documents (= 0.3.18)!
  gko_features (= 0.3.18)!
  gko_images (= 0.3.18)!
  gko_inquiries (= 0.3.18)!
  gko_themes (= 0.3.18)!
  iconv
  sass-rails (~> 3.2.5)
  uglifier (>= 1.0.3)
